NUGET
  remote: https://api.nuget.org/v3/index.json
    Fable.AST (3.1.1) - restriction: >= netstandard2.0
    Fable.Browser.Blob (1.1.4) - restriction: >= netstandard2.0
      Fable.Core (>= 3.0) - restriction: >= netstandard2.0
      FSharp.Core (>= 4.7.2) - restriction: >= netstandard2.0
    Fable.Browser.Dom (2.4.4) - restriction: >= netstandard2.0
      Fable.Browser.Blob (>= 1.1.4) - restriction: >= netstandard2.0
      Fable.Browser.Event (>= 1.4.4) - restriction: >= netstandard2.0
      Fable.Browser.WebStorage (>= 1.0.4) - restriction: >= netstandard2.0
      Fable.Core (>= 3.0) - restriction: >= netstandard2.0
      FSharp.Core (>= 4.7.2) - restriction: >= netstandard2.0
    Fable.Browser.Event (1.4.5) - restriction: >= netstandard2.0
      Fable.Browser.Gamepad (>= 1.0.3) - restriction: >= netstandard2.0
      Fable.Core (>= 3.0) - restriction: >= netstandard2.0
      FSharp.Core (>= 4.7.2) - restriction: >= netstandard2.0
    Fable.Browser.Gamepad (1.0.3) - restriction: >= netstandard2.0
      Fable.Core (>= 3.0) - restriction: >= netstandard2.0
      FSharp.Core (>= 4.7.2) - restriction: >= netstandard2.0
    Fable.Browser.WebStorage (1.0.4) - restriction: >= netstandard2.0
      Fable.Browser.Event (>= 1.4.4) - restriction: >= netstandard2.0
      Fable.Core (>= 3.0) - restriction: >= netstandard2.0
      FSharp.Core (>= 4.7.2) - restriction: >= netstandard2.0
    Fable.Core (3.2.9) - restriction: >= netstandard2.0
      FSharp.Core (>= 4.7.2) - restriction: >= netstandard2.0
    Fable.DateFunctions (3.7)
      Fable.Core (>= 3.1.6) - restriction: >= netstandard2.0
      FSharp.Core (>= 4.7.2) - restriction: >= netstandard2.0
    Fable.Elmish (3.1) - restriction: >= netstandard2.0
      Fable.Core (>= 3.0) - restriction: >= netstandard2.0
      FSharp.Core (>= 4.6.2) - restriction: >= netstandard2.0
    Fable.FontAwesome (2.0)
      Fable.Core (>= 3.0) - restriction: >= netstandard2.0
      Fable.React (>= 5.1) - restriction: >= netstandard2.0
    Fable.Mocha (2.9.1)
      Fable.Core (>= 3.0) - restriction: >= netstandard2.0
      FSharp.Core (>= 4.7) - restriction: >= netstandard2.0
    Fable.Promise (2.2.2) - restriction: >= netstandard2.0
      Fable.Core (>= 3.1.5) - restriction: >= netstandard2.0
      FSharp.Core (>= 4.7.2) - restriction: >= netstandard2.0
    Fable.React (7.4.2) - restriction: >= netstandard2.0
      Fable.Browser.Dom (>= 2.4.4) - restriction: >= netstandard2.0
      Fable.Core (>= 3.2.7) - restriction: >= netstandard2.0
      FSharp.Core (>= 4.7.2) - restriction: >= netstandard2.0
    Feliz (1.52)
      Fable.Core (>= 3.1.5) - restriction: >= netstandard2.0
      Fable.React (>= 7.4) - restriction: >= netstandard2.0
      Feliz.CompilerPlugins (>= 1.6) - restriction: >= netstandard2.0
      FSharp.Core (>= 4.7.2) - restriction: >= netstandard2.0
    Feliz.Bulma (2.18)
      Feliz (>= 1.32) - restriction: >= netstandard2.0
      FSharp.Core (>= 4.7.2) - restriction: >= netstandard2.0
    Feliz.Bulma.Checkradio (2.0)
      Feliz (>= 1.32) - restriction: >= netstandard2.0
      Feliz.Bulma (>= 2.8.1) - restriction: >= netstandard2.0
      FSharp.Core (>= 5.0) - restriction: >= netstandard2.0
    Feliz.Bulma.Divider (2.0)
      Feliz (>= 1.32) - restriction: >= netstandard2.0
      Feliz.Bulma (>= 2.8.1) - restriction: >= netstandard2.0
      FSharp.Core (>= 5.0) - restriction: >= netstandard2.0
    Feliz.Bulma.QuickView (2.0)
      Feliz (>= 1.32) - restriction: >= netstandard2.0
      Feliz.Bulma (>= 2.8.1) - restriction: >= netstandard2.0
      FSharp.Core (>= 5.0) - restriction: >= netstandard2.0
    Feliz.Bulma.Slider (2.0)
      Feliz (>= 1.32) - restriction: >= netstandard2.0
      Feliz.Bulma (>= 2.8.1) - restriction: >= netstandard2.0
      FSharp.Core (>= 5.0) - restriction: >= netstandard2.0
    Feliz.CompilerPlugins (1.6) - restriction: >= netstandard2.0
      Fable.AST (>= 3.0) - restriction: >= netstandard2.0
      FSharp.Core (>= 4.7.2) - restriction: >= netstandard2.0
    Feliz.ElmishComponents (1.2)
      Feliz.UseElmish (>= 1.2.1) - restriction: >= netstandard2.0
      FSharp.Core (>= 4.7) - restriction: >= netstandard2.0
    Feliz.Router (3.8)
      Fable.Core (>= 3.1.6) - restriction: >= netstandard2.0
      Fable.Elmish (>= 3.1) - restriction: >= netstandard2.0
      Feliz (>= 1.28) - restriction: >= netstandard2.0
      Feliz.UseListener (>= 0.6.3) - restriction: >= netstandard2.0
      FSharp.Core (>= 4.7.2) - restriction: >= netstandard2.0
    Feliz.UseElmish (1.5.1)
      Fable.Elmish (>= 3.0.6) - restriction: >= netstandard2.0
      Fable.Promise (>= 2.0) - restriction: >= netstandard2.0
      Feliz (>= 1.33.1) - restriction: >= netstandard2.0
      FSharp.Core (>= 4.7.2) - restriction: >= netstandard2.0
    Feliz.UseListener (0.6.3) - restriction: >= netstandard2.0
      Fable.Core (>= 3.1.6 < 4.0)
      Feliz (>= 1.17 < 2.0)
      FSharp.Core (>= 4.7.2)
    FSharp.Core (6.0)
    Thoth.Json (6.0)
      Fable.Core (>= 3.1.6) - restriction: >= netstandard2.0
      FSharp.Core (>= 4.7.2) - restriction: >= netstandard2.0
    YamlDotNet (11.2.1)
